GEM
  remote: http://rubygems.org/
  specs:
    activemodel (3.0.7)
      activesupport (= 3.0.7)
      builder (~> 2.1.2)
      i18n (~> 0.5.0)
    activerecord (3.0.7)
      activemodel (= 3.0.7)
      activesupport (= 3.0.7)
      arel (~> 2.0.2)
      tzinfo (~> 0.3.23)
    activesupport (3.0.7)
    arel (2.0.9)
    bio (1.4.1)
    bio-bwa (0.2.1)
    bio-samtools (0.0.0)
      ffi
    builder (2.1.2)
    daemons (1.1.0)
    diff-lcs (1.1.2)
    ffi (1.0.7)
      rake (>= 0.8.7)
    git (1.2.5)
    i18n (0.5.0)
    jeweler (1.5.2)
      bundler (~> 1.0.0)
      git (>= 1.2.5)
      rake
    rake (0.8.7)
    rcov (0.9.9)
    rspec (2.5.0)
      rspec-core (~> 2.5.0)
      rspec-expectations (~> 2.5.0)
      rspec-mocks (~> 2.5.0)
    rspec-core (2.5.1)
    rspec-expectations (2.5.0)
      diff-lcs (~> 1.1.2)
    rspec-mocks (2.5.0)
    ruby-ensembl-api (1.0.1)
      activerecord
      bio (>= 1)
    rubyvis (0.5.0)
    shoulda (2.11.3)
    thor (0.14.6)
    tzinfo (0.3.27)

PLATFORMS
  ruby

DEPENDENCIES
  bio (>= 1.4.1)
  bio-bwa (>= 0.2.1)
  bio-samtools (>= 0.0.0)
  bundler (~> 1.0.0)
  daemons (>= 1.1.0)
  ffi (>= 1.0.6)
  jeweler (~> 1.5.2)
  rcov
  rspec (>= 2.5.0)
  ruby-ensembl-api (>= 1.0.1)
  rubyvis (>= 0.5.0)
  shoulda
  thor (>= 0.14.6)
