PATH
  remote: /Users/bonnalraoul/Documents/Develop/bioruby-bwa
  specs:
    bio-bwa (0.1.0)

GEM
  remote: http://rubygems.org/
  specs:
    bio (1.4.1)
    git (1.2.5)
    jeweler (1.5.2)
      bundler (~> 1.0.0)
      git (>= 1.2.5)
      rake
    rake (0.8.7)
    rcov (0.9.9)
    shoulda (2.11.3)
    thor (0.14.6)

PLATFORMS
  ruby

DEPENDENCIES
  bio (>= 1.4.1)
  bio-bwa!
  bundler (~> 1.0.0)
  jeweler (~> 1.5.2)
  rcov
  shoulda
  thor (>= 0.14.6)
