GEM
  remote: http://rubygems.org/
  specs:
    activemodel (3.0.7)
      activesupport (= 3.0.7)
      builder (~> 2.1.2)
      i18n (~> 0.5.0)
    activerecord (3.0.7)
      activemodel (= 3.0.7)
      activesupport (= 3.0.7)
      arel (~> 2.0.2)
      tzinfo (~> 0.3.23)
    activesupport (3.0.7)
    arel (2.0.10)
    bio (1.4.1)
    bio-blastxmlparser (0.6.1)
      bio-logger (> 0.8.0)
      nokogiri (>= 1.4.4)
    bio-bwa (0.2.2)
    bio-logger (0.9.0)
      log4r (>= 1.1.9)
    bio-samtools (0.2.0)
      ffi
    builder (2.1.2)
    daemons (1.1.3)
    diff-lcs (1.1.2)
    ffi (1.0.9)
    git (1.2.5)
    i18n (0.5.0)
    jeweler (1.5.2)
      bundler (~> 1.0.0)
      git (>= 1.2.5)
      rake
    json (1.5.1)
    log4r (1.1.9)
    nokogiri (1.4.4)
    progressbar (0.9.0)
    rake (0.9.0)
    rcov (0.9.9)
    rspec (2.6.0)
      rspec-core (~> 2.6.0)
      rspec-expectations (~> 2.6.0)
      rspec-mocks (~> 2.6.0)
    rspec-core (2.6.2)
    rspec-expectations (2.6.0)
      diff-lcs (~> 1.1.2)
    rspec-mocks (2.6.0)
    ruby-ensembl-api (1.0.1)
      activerecord
      bio (>= 1)
    rubyvis (0.5.0)
    shoulda (2.11.3)
    sqlite3 (1.3.3)
    thor (0.14.6)
    tzinfo (0.3.27)

PLATFORMS
  ruby

DEPENDENCIES
  activerecord (>= 3.0.5)
  bio (>= 1.4.1)
  bio-blastxmlparser
  bio-bwa (>= 0.2.2)
  bio-samtools (>= 0.0.0)
  bundler (~> 1.0.0)
  daemons (>= 1.1.0)
  ffi (>= 1.0.6)
  jeweler (~> 1.5.2)
  json
  progressbar (>= 0.9.0)
  rcov
  rspec (>= 2.5.0)
  ruby-ensembl-api (>= 1.0.1)
  rubyvis (>= 0.5.0)
  shoulda
  sqlite3 (>= 1.3.3)
  thor (>= 0.14.6)
