GEM
  remote: http://rubygems.org/
  specs:
    activemodel (3.2.1)
      activesupport (= 3.2.1)
      builder (~> 3.0.0)
    activerecord (3.2.1)
      activemodel (= 3.2.1)
      activesupport (= 3.2.1)
      arel (~> 3.0.0)
      tzinfo (~> 0.3.29)
    activesupport (3.2.1)
      i18n (~> 0.6)
      multi_json (~> 1.0)
    arel (3.0.0)
    bio (1.4.2)
    bio-blastxmlparser (1.0.1)
      bio-logger (>= 1.0.0)
      nokogiri (>= 1.5.0)
    bio-logger (1.0.0)
      log4r (>= 1.1.9)
    bio-samtools (0.5.0)
      bio (>= 1.4.2)
      ffi
    builder (3.0.0)
    daemons (1.1.8)
    diff-lcs (1.1.3)
    ffi (1.0.11)
    ffi (1.0.11-java)
    git (1.2.5)
    i18n (0.6.0)
    jeweler (1.5.2)
      bundler (~> 1.0.0)
      git (>= 1.2.5)
      rake
<<<<<<< HEAD
    json (1.6.5)
    json (1.6.5-java)
    log4r (1.1.10)
    multi_json (1.0.4)
    nokogiri (1.5.0)
    nokogiri (1.5.0-java)
    progressbar (0.10.0)
    rake (0.9.2.2)
    rcov (0.9.11)
    rcov (0.9.11-java)
    rspec (2.8.0)
      rspec-core (~> 2.8.0)
      rspec-expectations (~> 2.8.0)
      rspec-mocks (~> 2.8.0)
    rspec-core (2.8.0)
    rspec-expectations (2.8.0)
      diff-lcs (~> 1.1.2)
    rspec-mocks (2.8.0)
    parallel (0.5.9)
    ruby-ensembl-api (1.0.1)
      activerecord
      bio (>= 1)
    rubyvis (0.5.1)
    shoulda (2.11.3)
    sqlite3 (1.3.5)
    thor (0.14.6)
    tzinfo (0.3.31)

PLATFORMS
  java
  ruby

DEPENDENCIES
  activerecord (>= 3.0.5)
  bio (>= 1.4.2)
  bio-blastxmlparser
  bio-samtools (>= 0.0.0)
  bundler (~> 1.0.0)
  daemons (>= 1.1.0)
  ffi (>= 1.0.6)
  jeweler (~> 1.5.2)
  json
  parallel
  progressbar (>= 0.9.0)
  rake (= 0.9.2.2)
  rcov (~> 0.9.11)
  rspec (>= 2.5.0)
  ruby-ensembl-api (>= 1.0.1)
  rubyvis (>= 0.5.0)
  shoulda
  sqlite3 (>= 1.3.3)
  thor (>= 0.14.6)
