GEM
  remote: http://rubygems.org/
  specs:
    activemodel (3.1.1)
      activesupport (= 3.1.1)
      builder (~> 3.0.0)
      i18n (~> 0.6)
    activerecord (3.1.1)
      activemodel (= 3.1.1)
      activesupport (= 3.1.1)
      arel (~> 2.2.1)
      tzinfo (~> 0.3.29)
    activesupport (3.1.1)
      multi_json (~> 1.0)
    arel (2.2.1)
    bio (1.4.2)
    bio-blastxmlparser (1.0.1)
      bio-logger (>= 1.0.0)
      nokogiri (>= 1.5.0)
    bio-bwa (0.2.2)
    bio-logger (1.0.0)
      log4r (>= 1.1.9)
    bio-samtools (0.2.4)
      bio (>= 1.4.1)
      ffi
    builder (3.0.0)
    daemons (1.1.4)
    diff-lcs (1.1.3)
    ffi (1.0.9)
    git (1.2.5)
    i18n (0.6.0)
    jeweler (1.5.2)
      bundler (~> 1.0.0)
      git (>= 1.2.5)
      rake
    json (1.6.1)
    log4r (1.1.9)
    multi_json (1.0.3)
    nokogiri (1.5.0)
    progressbar (0.9.1)
    rake (0.9.2)
    rcov (0.9.11)
    rspec (2.6.0)
      rspec-core (~> 2.6.0)
      rspec-expectations (~> 2.6.0)
      rspec-mocks (~> 2.6.0)
    rspec-core (2.6.4)
    rspec-expectations (2.6.0)
      diff-lcs (~> 1.1.2)
    rspec-mocks (2.6.0)
    ruby-ensembl-api (1.0.1)
      activerecord
      bio (>= 1)
    rubyvis (0.5.0)
    shoulda (2.11.3)
    sqlite3 (1.3.4)
    thor (0.14.6)
    tzinfo (0.3.30)

PLATFORMS
  ruby

DEPENDENCIES
  activerecord (>= 3.0.5)
  bio (>= 1.4.2)
  bio-blastxmlparser
  bio-bwa (>= 0.2.2)
  bio-samtools (>= 0.0.0)
  bundler (~> 1.0.0)
  daemons (>= 1.1.0)
  ffi (>= 1.0.6)
  jeweler (~> 1.5.2)
  json
  progressbar (>= 0.9.0)
  rcov
  rspec (>= 2.5.0)
  ruby-ensembl-api (>= 1.0.1)
  rubyvis (>= 0.5.0)
  shoulda
  sqlite3 (>= 1.3.3)
  thor (>= 0.14.6)
